PATH
  remote: .
  specs:
    go_api_client (0.0.3)
      nokogiri

GEM
  remote: http://rubygems.org/
  specs:
    addressable (2.2.7)
    crack (0.3.1)
    nokogiri (1.5.0)
    webmock (1.8.0)
      addressable (>= 2.2.7)
      crack (>= 0.1.7)

PLATFORMS
  ruby

DEPENDENCIES
  go_api_client!
  webmock
