PATH
  remote: .
  specs:
    go_api_client (1.0.1)
      nokogiri (~> 1.5, >= 1.5.2)

GEM
  remote: http://rubygems.org/
  specs:
    addressable (2.2.7)
    crack (0.3.1)
    mini_portile (0.6.0)
    multi_json (1.2.0)
    nokogiri (1.6.3.1)
      mini_portile (= 0.6.0)
    rake (0.9.6)
    simplecov (0.6.1)
      multi_json (~> 1.0)
      simplecov-html (~> 0.5.3)
    simplecov-html (0.5.3)
    test-unit (2.5.5)
    webmock (1.8.0)
      addressable (>= 2.2.7)
      crack (>= 0.1.7)

PLATFORMS
  ruby

DEPENDENCIES
  go_api_client!
  rake (~> 0.9, >= 0.9.2.2)
  simplecov (~> 0.6, >= 0.6.1)
  test-unit (~> 2, >= 2.0)
  webmock (~> 1, >= 1.8)
